GEM
  specs:
    dentaku (3.3.2)
    haml (5.1.2)
      temple (>= 0.8.0)
      tilt
    mustermann (1.0.3)
    rack (2.0.7)
    rack-protection (2.0.7)
      rack
    shotgun (0.9.2)
      rack (>= 1.0)
    sinatra (2.0.7)
      mustermann (~> 1.0)
      rack (~> 2.0)
      rack-protection (= 2.0.7)
      tilt (~> 2.0)
    temple (0.8.2)
    tilt (2.0.10)

PLATFORMS
  ruby

DEPENDENCIES
  dentaku
  haml
  shotgun
  sinatra

BUNDLED WITH
   1.17.3
